GEM
  remote: https://rubygems.org/
  specs:
    diff-lcs (1.2.5)
    docile (1.1.3)
    execjs (2.0.2)
    multi_json (1.9.2)
    redcarpet (3.0.0)
    rkelly-remix (0.0.6)
    rspec (2.14.1)
      rspec-core (~> 2.14.0)
      rspec-expectations (~> 2.14.0)
      rspec-mocks (~> 2.14.0)
    rspec-core (2.14.8)
    rspec-expectations (2.14.5)
      diff-lcs (>= 1.1.3, < 2.0)
    rspec-mocks (2.14.6)
    simplecov (0.8.2)
      docile (~> 1.1.0)
      multi_json
      simplecov-html (~> 0.8.0)
    simplecov-html (0.8.0)
    yard (0.8.7.4)

PLATFORMS
  ruby

DEPENDENCIES
  execjs
  redcarpet
  rkelly-remix
  rspec (>= 2.12)
  simplecov
  yard
